GEM
  remote: https://rubygems.org/
  specs:

PLATFORMS
  arm64-darwin-21
  arm64-darwin-24

DEPENDENCIES

BUNDLED WITH
   2.6.2
